GEM
  remote: https://rubygems.org/
  specs:
    faraday (2.10.0)
      faraday-net_http (>= 2.0, < 3.2)
      logger
    faraday-net_http (3.1.0)
      net-http
    logger (1.6.0)
    net-http (0.4.1)
      uri
    uri (0.13.0)

PLATFORMS
  ruby
  x86_64-linux-musl

DEPENDENCIES
  faraday

BUNDLED WITH
   2.5.11
